PATH
  remote: .
  specs:
    hello (0.1.0)

GEM
  remote: https://rubygems.org/
  specs:
    minitest (5.16.3)
    rake (13.0.6)
    rake-compiler (1.2.1)
      rake
    rb_sys (0.9.52)

PLATFORMS
  x86_64-linux

DEPENDENCIES
  hello!
  minitest (~> 5.0)
  rake (~> 13.0)
  rake-compiler
  rb_sys

BUNDLED WITH
   2.4.0.dev
